PATH
  remote: .
  specs:
    media_baron (0.1)
      activesupport
      addressable
      amatch
      faraday
      faraday_middleware
      nokogiri
      open4
      tzinfo

GEM
  remote: http://rubygems.org/
  specs:
    activesupport (3.2.9)
      i18n (~> 0.6)
      multi_json (~> 1.0)
    addressable (2.3.5)
    amatch (0.2.11)
      tins (~> 0.3)
    atomic (1.1.14)
    coderay (1.1.0)
    diff-lcs (1.1.3)
    faraday (0.8.8)
      multipart-post (~> 1.2.0)
    faraday_middleware (0.9.0)
      faraday (>= 0.7.4, < 0.9)
    i18n (0.6.1)
    method_source (0.8.2)
    mini_portile2 (2.4.0)
    multi_json (1.3.7)
    multipart-post (1.2.0)
    nokogiri (1.10.8)
      mini_portile2 (~> 2.4.0)
    open4 (1.3.3)
    pry (0.9.12.4)
      coderay (~> 1.0)
      method_source (~> 0.8)
      slop (~> 3.4)
    rake (10.0.1)
    rspec (2.12.0)
      rspec-core (~> 2.12.0)
      rspec-expectations (~> 2.12.0)
      rspec-mocks (~> 2.12.0)
    rspec-core (2.12.0)
    rspec-expectations (2.12.0)
      diff-lcs (~> 1.1.3)
    rspec-mocks (2.12.0)
    slop (3.4.7)
    thread_safe (0.1.3)
      atomic
    tins (0.13.1)
    tzinfo (1.1.0)
      thread_safe (~> 0.1)

PLATFORMS
  ruby

DEPENDENCIES
  activesupport
  addressable
  amatch
  faraday
  faraday_middleware
  media_baron!
  nokogiri
  pry
  rake
  rspec
  tzinfo
